PATH
  remote: .
  specs:
    org2hiki (0.1.0)
      thor

GEM
  remote: https://rubygems.org/
  specs:
    diff-lcs (1.3)
    minitest (5.11.3)
    rake (13.0.1)
    rspec (3.0.0)
      rspec-core (~> 3.0.0)
      rspec-expectations (~> 3.0.0)
      rspec-mocks (~> 3.0.0)
    rspec-core (3.0.4)
      rspec-support (~> 3.0.0)
    rspec-expectations (3.0.4)
      diff-lcs (>= 1.2.0, < 2.0)
      rspec-support (~> 3.0.0)
    rspec-mocks (3.0.4)
      rspec-support (~> 3.0.0)
    rspec-support (3.0.4)
    thor (1.4.0)

PLATFORMS
  ruby

DEPENDENCIES
  bundler (~> 2.2.10)
  minitest (~> 5.0)
  org2hiki!
  rake (~> 13.0.1)
  rspec (~> 3.0.0)

BUNDLED WITH
   2.1.4
